GEM
  remote: https://rubygems.org/
  specs:
    activesupport (7.0.8.7)
      concurrent-ruby (~> 1.0, >= 1.0.2)
      i18n (>= 1.6, < 2)
      minitest (>= 5.1)
      tzinfo (~> 2.0)
    base64 (0.2.0)
    bigdecimal (3.1.9)
    click_house (2.1.2)
      activesupport
      faraday (>= 1.7, < 3)
    concurrent-ruby (1.3.5)
    connection_pool (2.5.0)
    csv (3.3.2)
    dotenv (3.1.7)
    faraday (2.12.2)
      faraday-net_http (>= 2.0, < 3.5)
      json
      logger
    faraday-net_http (3.4.0)
      net-http (>= 0.5.0)
    i18n (1.14.7)
      concurrent-ruby (~> 1.0)
    json (2.9.1)
    logger (1.6.5)
    minitest (5.25.4)
    mustermann (3.0.3)
      ruby2_keywords (~> 0.0.1)
    net-http (0.6.0)
      uri
    nio4r (2.7.4)
    puma (6.6.0)
      nio4r (~> 2.0)
    quill-sql (0.1.2)
      activesupport (~> 7.0.0)
      click_house (~> 2.1.2)
      dotenv
      json (>= 2.0)
      redis
    rack (3.1.9)
    rack-protection (4.1.1)
      base64 (>= 0.1.0)
      logger (>= 1.6.0)
      rack (>= 3.0.0, < 4)
    rack-session (2.1.0)
      base64 (>= 0.1.0)
      rack (>= 3.0.0)
    rackup (2.2.1)
      rack (>= 3)
    redis (5.3.0)
      redis-client (>= 0.22.0)
    redis-client (0.23.2)
      connection_pool
    ruby2_keywords (0.0.5)
    sinatra (4.1.1)
      logger (>= 1.6.0)
      mustermann (~> 3.0)
      rack (>= 3.0.0, < 4)
      rack-protection (= 4.1.1)
      rack-session (>= 2.0.0, < 3)
      tilt (~> 2.0)
    sinatra-cors (1.2.0)
    tilt (2.6.0)
    tzinfo (2.0.6)
      concurrent-ruby (~> 1.0)
    uri (1.0.2)

PLATFORMS
  arm64-darwin-24
  ruby

DEPENDENCIES
  bigdecimal
  csv
  dotenv
  json
  puma (~> 6.5)
  quill-sql
  rackup (~> 2.2)
  sinatra
  sinatra-cors

BUNDLED WITH
   2.6.2
